PATH
  remote: .
  specs:
    barzahlen (2.3.0)
      grac (~> 4.2.0)

GEM
  remote: https://rubygems.org/
  specs:
    diff-lcs (1.5.0)
    ethon (0.16.0)
      ffi (>= 1.15.0)
    ffi (1.15.5)
    grac (4.2.0)
      oj (~> 3.13.23)
      typhoeus (~> 1)
    oj (3.13.23)
    rack (3.0.3)
    rack-test (2.0.2)
      rack (>= 1.3)
    rake (13.0.6)
    rspec (3.12.0)
      rspec-core (~> 3.12.0)
      rspec-expectations (~> 3.12.0)
      rspec-mocks (~> 3.12.0)
    rspec-core (3.12.0)
      rspec-support (~> 3.12.0)
    rspec-expectations (3.12.2)
      diff-lcs (>= 1.2.0, < 2.0)
      rspec-support (~> 3.12.0)
    rspec-mocks (3.12.2)
      diff-lcs (>= 1.2.0, < 2.0)
      rspec-support (~> 3.12.0)
    rspec-support (3.12.0)
    typhoeus (1.4.0)
      ethon (>= 0.9.0)

PLATFORMS
  ruby

DEPENDENCIES
  barzahlen!
  rack-test (~> 2.0.2)
  rake (~> 13.0.6)
  rspec (~> 3.12.0)

BUNDLED WITH
   2.4.3
