PATH
  remote: .
  specs:
    barzahlen (2.1.1)
      grac (~> 4.0.1)

GEM
  remote: https://rubygems.org/
  specs:
    diff-lcs (1.4.4)
    ethon (0.15.0)
      ffi (>= 1.15.0)
    ffi (1.15.4)
    grac (4.0.1)
      oj (~> 3.6.13)
      typhoeus (~> 1)
    oj (3.6.13)
    rack (2.2.3)
    rack-test (1.1.0)
      rack (>= 1.0, < 3)
    rake (13.0.6)
    rspec (3.10.0)
      rspec-core (~> 3.10.0)
      rspec-expectations (~> 3.10.0)
      rspec-mocks (~> 3.10.0)
    rspec-core (3.10.1)
      rspec-support (~> 3.10.0)
    rspec-expectations (3.10.1)
      diff-lcs (>= 1.2.0, < 2.0)
      rspec-support (~> 3.10.0)
    rspec-mocks (3.10.2)
      diff-lcs (>= 1.2.0, < 2.0)
      rspec-support (~> 3.10.0)
    rspec-support (3.10.3)
    typhoeus (1.4.0)
      ethon (>= 0.9.0)

PLATFORMS
  ruby

DEPENDENCIES
  barzahlen!
  rack-test (~> 1.1.0)
  rake (~> 13.0.6)
  rspec (~> 3.10.0)

BUNDLED WITH
   1.17.3
